GEM
  remote: https://rubygems.org/
  specs:
    addressable (2.5.2)
      public_suffix (>= 2.0.2, < 4.0)
    faraday (0.14.0)
      multipart-post (>= 1.2, < 3)
    faraday_middleware (0.12.2)
      faraday (>= 0.7.4, < 1.0)
    multi_json (1.13.1)
    multipart-post (2.0.0)
    octokit (4.8.0)
      sawyer (~> 0.8.0, >= 0.5.3)
    proxies (0.2.3)
    public_suffix (3.0.1)
    s3 (0.3.26)
      addressable
      proxies
    sawyer (0.8.1)
      addressable (>= 2.3.5, < 2.6)
      faraday (~> 0.8, < 1.0)
    thor (0.20.0)

PLATFORMS
  ruby

DEPENDENCIES
  faraday (~> 0.14.0)
  faraday_middleware (~> 0.12.2)
  multi_json (~> 1.13, >= 1.13.1)
  octokit (~> 4.8)
  s3 (~> 0.3.26)
  thor (~> 0.20.0)

RUBY VERSION
   ruby 2.5.0p0

BUNDLED WITH
   1.16.1
